GIT
  remote: git://github.com/carlosantoniodasilva/i18n_alchemy.git
  revision: a7be2dd294f3107ad9f641a65854f346447274e2
  specs:
    i18n_alchemy (0.0.1)
      activerecord (~> 3.0)
      activesupport (~> 3.0)
      i18n (~> 0.5)

GIT
  remote: git://github.com/notahat/machinist.git
  revision: bc4872ae436ad6def6d09dbdeae0dc513315e7bd
  specs:
    machinist (2.0.0.beta2)

GIT
  remote: git://github.com/ryanb/cancan.git
  revision: c94de4ab1805d2e080ebd658051c59d0ec5147ce
  branch: 2.0
  specs:
    cancan (2.0.0.alpha)

GIT
  remote: git://github.com/tomas-stefano/mask_validator.git
  revision: b9bc10b5e31a5c28d69903cca9f9006092054f3c
  specs:
    mask_validator (0.1)
      activemodel (~> 3.0)
      activerecord (~> 3.0)
      activesupport (~> 3.0)

GEM
  remote: http://rubygems.org/
  specs:
    actionmailer (3.2.0)
      actionpack (= 3.2.0)
      mail (~> 2.4.0)
    actionpack (3.2.0)
      activemodel (= 3.2.0)
      activesupport (= 3.2.0)
      builder (~> 3.0.0)
      erubis (~> 2.7.0)
      journey (~> 1.0.0)
      rack (~> 1.4.0)
      rack-cache (~> 1.1)
      rack-test (~> 0.6.1)
      sprockets (~> 2.1.2)
    activemodel (3.2.0)
      activesupport (= 3.2.0)
      builder (~> 3.0.0)
    activerecord (3.2.0)
      activemodel (= 3.2.0)
      activesupport (= 3.2.0)
      arel (~> 3.0.0)
      tzinfo (~> 0.3.29)
    activerecord-connections (0.0.3)
      activerecord (>= 3.0)
      activesupport (>= 3.0)
    activerecord-jdbc-adapter (1.2.1)
    activerecord-jdbcpostgresql-adapter (1.2.0)
      activerecord-jdbc-adapter (~> 1.2.0)
      jdbc-postgres (~> 9.0.0)
    activeresource (3.2.0)
      activemodel (= 3.2.0)
      activesupport (= 3.2.0)
    activesupport (3.2.0)
      i18n (~> 0.6)
      multi_json (~> 1.0)
    airbrake (3.0.9)
      activesupport
      builder
    arel (3.0.0)
    awesome_nested_set (2.0.2)
      activerecord (>= 3.0.0)
    bcrypt-ruby (3.0.1)
    bcrypt-ruby (3.0.1-java)
    bouncy-castle-java (1.5.0146.1)
    builder (3.0.0)
    capybara (1.1.2)
      mime-types (>= 1.16)
      nokogiri (>= 1.3.3)
      rack (>= 1.0.0)
      rack-test (>= 0.5.4)
      selenium-webdriver (~> 2.0)
      xpath (~> 0.1.4)
    capybara-webkit (0.7.2)
      capybara (>= 1.0.0, < 1.2)
    carrierwave (0.5.8)
      activesupport (~> 3.0)
    childprocess (0.2.5)
      ffi (~> 1.0.6)
    cnpj_validator (0.3.1)
      activemodel (>= 3.0)
    cpf_validator (0.2.0)
      activemodel (>= 3.0)
    devise (1.5.3)
      bcrypt-ruby (~> 3.0)
      orm_adapter (~> 0.0.3)
      warden (~> 1.1)
    diff-lcs (1.1.3)
    enumerate_it (0.7.10)
      activesupport (>= 2.3.2)
    erubis (2.7.0)
    execjs (1.2.13)
      multi_json (~> 1.0)
    ffi (1.0.11)
    ffi (1.0.11-java)
    foreigner (1.1.1)
      activerecord (>= 3.0.0)
    has_scope (0.5.1)
    hike (1.2.1)
    i18n (0.6.0)
    inherited_resources (1.3.0)
      has_scope (~> 0.5.0)
      responders (~> 0.6.0)
    jdbc-postgres (9.0.801)
    journey (1.0.0)
    jruby-openssl (0.7.4)
      bouncy-castle-java
    json (1.6.5)
    json (1.6.5-java)
    kgio (2.7.0)
    machinist-caching (0.0.1)
    mail (2.4.1)
      i18n (>= 0.4.0)
      mime-types (~> 1.16)
      treetop (~> 1.4.8)
    mail_validator (0.2.0)
      activemodel (>= 3.0)
    mime-types (1.17.2)
    multi_json (1.0.4)
    newrelic_rpm (3.3.1)
    nokogiri (1.5.0)
    nokogiri (1.5.0-java)
    orm_adapter (0.0.5)
    pg (0.12.2)
    polyamorous (0.5.0)
      activerecord (~> 3.0)
    polyglot (0.3.3)
    rack (1.4.1)
    rack-cache (1.1)
      rack (>= 0.4)
    rack-ssl (1.3.2)
      rack
    rack-test (0.6.1)
      rack (>= 1.0)
    rails (3.2.0)
      actionmailer (= 3.2.0)
      actionpack (= 3.2.0)
      activerecord (= 3.2.0)
      activeresource (= 3.2.0)
      activesupport (= 3.2.0)
      bundler (~> 1.0)
      railties (= 3.2.0)
    railties (3.2.0)
      actionpack (= 3.2.0)
      activesupport (= 3.2.0)
      rack-ssl (~> 1.3.2)
      rake (>= 0.8.7)
      rdoc (~> 3.4)
      thor (~> 0.14.6)
    raindrops (0.8.0)
    rake (0.9.2.2)
    rdoc (3.12)
      json (~> 1.4)
    responders (0.6.4)
    rspec (2.8.0)
      rspec-core (~> 2.8.0)
      rspec-expectations (~> 2.8.0)
      rspec-mocks (~> 2.8.0)
    rspec-core (2.8.0)
    rspec-expectations (2.8.0)
      diff-lcs (~> 1.1.2)
    rspec-mocks (2.8.0)
    rspec-rails (2.8.1)
      actionpack (>= 3.0)
      activesupport (>= 3.0)
      railties (>= 3.0)
      rspec (~> 2.8.0)
    rubyzip (0.9.5)
    selenium-webdriver (2.16.0)
      childprocess (>= 0.2.5)
      ffi (~> 1.0.9)
      multi_json (~> 1.0.4)
      rubyzip
    shoulda-matchers (1.0.0)
    simple_form (1.5.2)
      actionpack (~> 3.0)
      activemodel (~> 3.0)
    sprockets (2.1.2)
      hike (~> 1.2)
      rack (~> 1.0)
      tilt (~> 1.1, != 1.3.0)
    squeel (0.9.3)
      activerecord (~> 3.0)
      activesupport (~> 3.0)
      polyamorous (~> 0.5.0)
    thor (0.14.6)
    tilt (1.3.3)
    timeliness (0.3.4)
    treetop (1.4.10)
      polyglot
      polyglot (>= 0.3.1)
    tzinfo (0.3.31)
    uglifier (1.2.1)
      execjs (>= 0.3.0)
      multi_json (>= 1.0.2)
    unicorn (4.1.1)
      kgio (~> 2.4)
      rack
      raindrops (~> 0.6)
    validates_timeliness (3.0.8)
      timeliness (~> 0.3.4)
    warden (1.1.0)
      rack (>= 1.0)
    will_paginate (3.0.2)
    xpath (0.1.4)
      nokogiri (~> 1.3)

PLATFORMS
  java
  ruby

DEPENDENCIES
  activerecord-connections (= 0.0.3)
  activerecord-jdbcpostgresql-adapter (= 1.2.0)
  airbrake (= 3.0.9)
  awesome_nested_set (= 2.0.2)
  cancan!
  capybara (= 1.1.2)
  capybara-webkit (= 0.7.2)
  carrierwave (= 0.5.8)
  cnpj_validator (= 0.3.1)
  cpf_validator (= 0.2.0)
  devise (= 1.5.3)
  enumerate_it (= 0.7.10)
  foreigner (= 1.1.1)
  has_scope (= 0.5.1)
  i18n_alchemy!
  inherited_resources (= 1.3.0)
  jruby-openssl (= 0.7.4)
  machinist!
  machinist-caching (= 0.0.1)
  mail_validator (= 0.2.0)
  mask_validator!
  newrelic_rpm (= 3.3.1)
  pg (= 0.12.2)
  rails (= 3.2)
  responders (= 0.6.4)
  rspec-rails (= 2.8.1)
  shoulda-matchers (= 1.0.0)
  simple_form (= 1.5.2)
  squeel (= 0.9.3)
  uglifier (= 1.2.1)
  unicorn (= 4.1.1)
  validates_timeliness (= 3.0.8)
  will_paginate (= 3.0.2)
