GIT
  remote: git://github.com/carlosantoniodasilva/i18n_alchemy.git
  revision: 9eaa9930f46c26300857b3a24fdad403c100db94
  specs:
    i18n_alchemy (0.0.1)
      activesupport (~> 3.0)
      i18n (~> 0.5)

GIT
  remote: git://github.com/comogo/pdfkit.git
  revision: 46e50719947cb207996b6a2bc4ca77194a5d6c95
  specs:
    pdfkit (0.5.2)

GIT
  remote: git://github.com/ryanb/cancan.git
  revision: ccd24ab30fdd0b48ac0ad71080445f5366788208
  branch: 2.0
  specs:
    cancan (2.0.0.alpha)

GIT
  remote: git://github.com/sobrinho/decore.git
  revision: a5bb876702ff010f5ade1edc9222540d4b9059bb
  specs:
    decore (0.1.0)
      activesupport (~> 3.2.0)

GEM
  remote: http://rubygems.org/
  remote: https://gems.gemfury.com/SEqawpNNEx65yrzYS9p8/
  specs:
    actionmailer (3.2.11)
      actionpack (= 3.2.11)
      mail (~> 2.4.4)
    actionpack (3.2.11)
      activemodel (= 3.2.11)
      activesupport (= 3.2.11)
      builder (~> 3.0.0)
      erubis (~> 2.7.0)
      journey (~> 1.0.4)
      rack (~> 1.4.0)
      rack-cache (~> 1.2)
      rack-test (~> 0.6.1)
      sprockets (~> 2.2.1)
    activemodel (3.2.11)
      activesupport (= 3.2.11)
      builder (~> 3.0.0)
    activerecord (3.2.11)
      activemodel (= 3.2.11)
      activesupport (= 3.2.11)
      arel (~> 3.0.2)
      tzinfo (~> 0.3.29)
    activerecord-connections (0.0.3)
      activerecord (>= 3.0)
      activesupport (>= 3.0)
    activerecord-postgres-hstore (0.6.0)
      rails
      rake
    activeresource (3.2.11)
      activemodel (= 3.2.11)
      activesupport (= 3.2.11)
    activesupport (3.2.11)
      i18n (~> 0.6)
      multi_json (~> 1.0)
    addressable (2.2.8)
    arel (3.0.2)
    awesome_nested_set (2.1.3)
      activerecord (>= 3.0.0)
    bcrypt-ruby (3.0.1)
    blankslate (2.1.2.4)
    bourne (1.1.2)
      mocha (= 0.10.5)
    builder (3.0.4)
    capybara (1.1.2)
      mime-types (>= 1.16)
      nokogiri (>= 1.3.3)
      rack (>= 1.0.0)
      rack-test (>= 0.5.4)
      selenium-webdriver (~> 2.0)
      xpath (~> 0.1.4)
    carrierwave (0.6.2)
      activemodel (>= 3.2.0)
      activesupport (>= 3.2.0)
    childprocess (0.3.3)
      ffi (~> 1.0.6)
    cnpj_validator (0.3.1)
      activemodel (>= 3.0)
    coderay (1.0.8)
    cpf_validator (0.2.0)
      activemodel (>= 3.0)
    devise (2.2.3)
      bcrypt-ruby (~> 3.0)
      orm_adapter (~> 0.1)
      railties (~> 3.1)
      warden (~> 1.2.1)
    diff-lcs (1.1.3)
    enumerate_it (1.0.1)
      activesupport (>= 3.0.0)
    erubis (2.7.0)
    eventmachine (0.12.10)
    excon (0.16.10)
    execjs (1.3.2)
      multi_json (~> 1.0)
    faraday (0.8.4)
      multipart-post (~> 1.1)
    faye-websocket (0.4.6)
      eventmachine (>= 0.12.0)
    ffi (1.0.11)
    fog (1.5.0)
      builder
      excon (~> 0.14)
      formatador (~> 0.2.0)
      mime-types
      multi_json (~> 1.0)
      net-scp (~> 1.0.4)
      net-ssh (>= 2.1.3)
      nokogiri (~> 1.5.0)
      ruby-hmac
    foreigner (1.2.1)
      activerecord (>= 3.0.0)
    formatador (0.2.4)
    has_scope (0.5.1)
    hashie (1.2.0)
    hike (1.2.1)
    http_parser.rb (0.5.3)
    i18n (0.6.1)
    inherited_resources (1.3.1)
      has_scope (~> 0.5.0)
      responders (~> 0.6)
    inscriptio_cursualis (0.3.0)
      activerecord (~> 3.2.0)
      enumerate_it (~> 1.0.1)
      foreigner (~> 1.2.1)
      mask_validator (~> 0.2.0)
      railties (~> 3.2.0)
    jbuilder (0.4.0)
      activesupport (>= 3.0.0)
      blankslate (>= 2.1.2.4)
    journey (1.0.4)
    json (1.7.6)
    libwebsocket (0.1.3)
      addressable
    machinist (2.0)
    machinist-caching (0.0.1)
    mail (2.4.4)
      i18n (>= 0.4.0)
      mime-types (~> 1.16)
      treetop (~> 1.4.8)
    mail_validator (0.2.0)
      activemodel (>= 3.0)
    mask_validator (0.2.1)
      activemodel (>= 3.0)
      activerecord (>= 3.0)
    metaclass (0.0.1)
    method_source (0.8.1)
    mime-types (1.19)
    mocha (0.10.5)
      metaclass (~> 0.0.1)
    multi_json (1.5.0)
    multipart-post (1.1.5)
    net-scp (1.0.4)
      net-ssh (>= 1.99.1)
    net-ssh (2.6.3)
    nokogiri (1.5.5)
    orm_adapter (0.4.0)
    persona (0.2.1)
      activerecord (~> 3.2.0)
      awesome_nested_set (~> 2.1.3)
      cnpj_validator (~> 0.3.1)
      cpf_validator (~> 0.2.0)
      enumerate_it (~> 1.0.1)
      foreigner (~> 1.2.1)
      inscriptio_cursualis (~> 0.3.0)
      mail_validator (~> 0.2.0)
      mask_validator (~> 0.2.0)
      railties (~> 3.2.0)
      validates_timeliness (~> 3.0.11)
    pg (0.14.1)
    poltergeist (0.7.0)
      capybara (~> 1.1)
      childprocess (~> 0.3)
      faye-websocket (~> 0.4, >= 0.4.4)
      http_parser.rb (~> 0.5.3)
      multi_json (~> 1.0)
    polyamorous (0.5.0)
      activerecord (~> 3.0)
    polyglot (0.3.3)
    pry (0.9.10)
      coderay (~> 1.0.5)
      method_source (~> 0.8)
      slop (~> 3.3.1)
    puma (1.6.3)
      rack (~> 1.2)
    rack (1.4.4)
    rack-cache (1.2)
      rack (>= 0.4)
    rack-ssl (1.3.2)
      rack
    rack-test (0.6.2)
      rack (>= 1.0)
    rails (3.2.11)
      actionmailer (= 3.2.11)
      actionpack (= 3.2.11)
      activerecord (= 3.2.11)
      activeresource (= 3.2.11)
      activesupport (= 3.2.11)
      bundler (~> 1.0)
      railties (= 3.2.11)
    railties (3.2.11)
      actionpack (= 3.2.11)
      activesupport (= 3.2.11)
      rack-ssl (~> 1.3.2)
      rake (>= 0.8.7)
      rdoc (~> 3.4)
      thor (>= 0.14.6, < 2.0)
    rake (10.0.3)
    rdoc (3.12)
      json (~> 1.4)
    responders (0.6.4)
    rspec-core (2.12.2)
    rspec-expectations (2.12.1)
      diff-lcs (~> 1.1.3)
    rspec-mocks (2.12.1)
    rspec-rails (2.12.0)
      actionpack (>= 3.0)
      activesupport (>= 3.0)
      railties (>= 3.0)
      rspec-core (~> 2.12.0)
      rspec-expectations (~> 2.12.0)
      rspec-mocks (~> 2.12.0)
    ruby-hmac (0.4.0)
    rubyzip (0.9.9)
    selenium-webdriver (2.24.0)
      childprocess (>= 0.2.5)
      libwebsocket (~> 0.1.3)
      multi_json (~> 1.0)
      rubyzip
    sentry-raven (0.4.0)
      faraday (>= 0.7.6)
      hashie
      multi_json (~> 1.0)
      uuidtools
    shoulda-matchers (1.4.2)
      activesupport (>= 3.0.0)
      bourne (~> 1.1.2)
    simple_form (2.0.2)
      actionpack (~> 3.0)
      activemodel (~> 3.0)
    slop (3.3.3)
    sprockets (2.2.2)
      hike (~> 1.2)
      multi_json (~> 1.0)
      rack (~> 1.0)
      tilt (~> 1.1, != 1.3.0)
    squeel (1.0.11)
      activerecord (~> 3.0)
      activesupport (~> 3.0)
      polyamorous (~> 0.5.0)
    thor (0.16.0)
    tilt (1.3.3)
    timeliness (0.3.6)
    treetop (1.4.12)
      polyglot
      polyglot (>= 0.3.1)
    tzinfo (0.3.35)
    uglifier (1.2.1)
      execjs (>= 0.3.0)
      multi_json (>= 1.0.2)
    unico (3.0.0)
      actionpack (~> 3.2.0)
      activerecord (~> 3.2.0)
      carrierwave (~> 0.6.2)
      cnpj_validator (~> 0.3.1)
      fog (~> 1.5.0)
      foreigner (~> 1.2.1)
      inscriptio_cursualis (~> 0.3.0)
      mail_validator (~> 0.2.0)
      mask_validator (~> 0.2.0)
      railties (~> 3.2.0)
    unico-assets (1.3.0)
      actionpack (~> 3.2.0)
      railties (~> 3.2.0)
    uuidtools (2.1.3)
    validates_timeliness (3.0.14)
      timeliness (~> 0.3.6)
    warden (1.2.1)
      rack (>= 1.0)
    will_paginate (3.0.3)
    wkhtmltopdf-binary (0.9.9.1)
    xpath (0.1.4)
      nokogiri (~> 1.3)

PLATFORMS
  ruby

DEPENDENCIES
  activerecord-connections (= 0.0.3)
  activerecord-postgres-hstore (= 0.6.0)
  awesome_nested_set (= 2.1.3)
  cancan!
  capybara (= 1.1.2)
  carrierwave (= 0.6.2)
  cnpj_validator (= 0.3.1)
  cpf_validator (= 0.2.0)
  decore!
  devise (= 2.2.3)
  enumerate_it (= 1.0.1)
  foreigner (= 1.2.1)
  has_scope (= 0.5.1)
  i18n_alchemy!
  inherited_resources (= 1.3.1)
  inscriptio_cursualis (= 0.3.0)
  jbuilder (= 0.4.0)
  machinist (= 2.0)
  machinist-caching (= 0.0.1)
  mail_validator (= 0.2.0)
  mask_validator (= 0.2.1)
  pdfkit!
  persona (= 0.2.1)
  pg (= 0.14.1)
  poltergeist (= 0.7.0)
  pry (= 0.9.10)
  puma (= 1.6.3)
  rails (= 3.2.11)
  responders (= 0.6.4)
  rspec-rails (= 2.12.0)
  sentry-raven (= 0.4.0)
  shoulda-matchers (= 1.4.2)
  simple_form (= 2.0.2)
  squeel (= 1.0.11)
  uglifier (= 1.2.1)
  unico (= 3.0.0)
  unico-assets (= 1.3.0)
  validates_timeliness (= 3.0.14)
  will_paginate (= 3.0.3)
  wkhtmltopdf-binary (= 0.9.9.1)
