GIT
  remote: git://github.com/MarceloCajueiro/factory_girl-preload.git
  revision: d0aad287da0fd6c6a2a8a7a59d6aa159ebff7473
  specs:
    factory_girl-preload (2.0.2)
      factory_girl (>= 3.0)

GIT
  remote: git://github.com/carlosantoniodasilva/i18n_alchemy.git
  revision: d875ee507550b85819f7dd31af9dc3637401023b
  specs:
    i18n_alchemy (0.1.0)
      activesupport (~> 3.0)
      i18n (~> 0.5)

GIT
  remote: git://github.com/ricardohsd/typecaster
  revision: 238e75df8b3fe2a61204d84a3518b598a0704db2
  specs:
    typecaster (0.0.2)

GIT
  remote: git://github.com/ryanb/cancan.git
  revision: e6bf4c8d12dca316eb4f0923ca30b6d3dfedb7ae
  branch: 2.0
  specs:
    cancan (2.0.0.alpha)

GIT
  remote: git://github.com/sobrinho/decore.git
  revision: a5bb876702ff010f5ade1edc9222540d4b9059bb
  specs:
    decore (0.1.0)
      activesupport (~> 3.2.0)

GEM
  remote: https://rubygems.org/
  remote: http://foo:BringMeSomeBeerNow@devops.nobesistemas.com.br:9292/
  specs:
    actionmailer (3.2.22.5)
      actionpack (= 3.2.22.5)
      mail (~> 2.5.4)
    actionpack (3.2.22.5)
      activemodel (= 3.2.22.5)
      activesupport (= 3.2.22.5)
      builder (~> 3.0.0)
      erubis (~> 2.7.0)
      journey (~> 1.0.4)
      rack (~> 1.4.5)
      rack-cache (~> 1.2)
      rack-test (~> 0.6.1)
      sprockets (~> 2.2.1)
    active_relatus (0.2.1)
      activemodel (>= 3.2.8)
      activesupport (>= 3.2.8)
      rake (~> 10.0)
    activemodel (3.2.22.5)
      activesupport (= 3.2.22.5)
      builder (~> 3.0.0)
    activerecord (3.2.22.5)
      activemodel (= 3.2.22.5)
      activesupport (= 3.2.22.5)
      arel (~> 3.0.2)
      tzinfo (~> 0.3.29)
    activerecord-connections (0.0.3)
      activerecord (>= 3.0)
      activesupport (>= 3.0)
    activerecord-postgres-hstore (0.7.8)
      activerecord (>= 3.1)
      pg-hstore (>= 1.1.5)
      rake
    activeresource (3.2.22.5)
      activemodel (= 3.2.22.5)
      activesupport (= 3.2.22.5)
    activesupport (3.2.22.5)
      i18n (~> 0.6, >= 0.6.4)
      multi_json (~> 1.0)
    addressable (2.7.0)
      public_suffix (>= 2.0.2, < 5.0)
    ansi (1.5.0)
    arel (3.0.3)
    ast (2.4.0)
    awesome_nested_set (2.1.6)
      activerecord (>= 3.0.0)
    bcrypt-ruby (3.1.1)
    better_errors (2.5.1)
      coderay (>= 1.0.0)
      erubi (>= 1.0.0)
      rack (>= 0.9.0)
    binding_of_caller (0.8.0)
      debug_inspector (>= 0.0.1)
    builder (3.0.4)
    capybara (2.6.2)
      addressable
      mime-types (>= 1.16)
      nokogiri (>= 1.3.3)
      rack (>= 1.0.0)
      rack-test (>= 0.5.4)
      xpath (~> 2.0)
    capybara-webkit (1.8.0)
      capybara (>= 2.3.0, < 2.7.0)
      json
    carrierwave (0.9.0)
      activemodel (>= 3.2.0)
      activesupport (>= 3.2.0)
      json (>= 1.7)
    celluloid (0.14.1)
      timers (>= 1.0.0)
    childprocess (0.3.9)
      ffi (~> 1.0, >= 1.0.11)
    cnpj_validator (0.3.1)
      activemodel (>= 3.0)
    coderay (1.0.9)
    connection_pool (1.1.0)
    cpf_validator (0.2.0)
      activemodel (>= 3.0)
    dalli (2.6.4)
    debug_inspector (0.0.3)
    devise (2.2.4)
      bcrypt-ruby (~> 3.0)
      orm_adapter (~> 0.1)
      railties (~> 3.1)
      warden (~> 1.2.1)
    diff-lcs (1.2.4)
    enumerate_it (1.2.1)
      activesupport (>= 3.0.0)
    erubi (1.9.0)
    erubis (2.7.0)
    excon (0.31.0)
    execjs (1.4.0)
      multi_json (~> 1.0)
    factory_girl (4.2.0)
      activesupport (>= 3.0.0)
    factory_girl_rails (4.2.1)
      factory_girl (~> 4.2.0)
      railties (>= 3.0.0)
    fakeweb (1.3.0)
    faraday (0.8.8)
      multipart-post (~> 1.2.0)
    ffi (1.9.0)
    fog (1.19.0)
      builder
      excon (~> 0.31.0)
      formatador (~> 0.2.0)
      mime-types
      multi_json (~> 1.0)
      net-scp (~> 1.1)
      net-ssh (>= 2.1.3)
      nokogiri (~> 1.5)
      ruby-hmac
    foreigner (1.6.1)
      activerecord (>= 3.0.0)
    formatador (0.2.5)
    has_scope (0.5.1)
    hashie (2.0.5)
    hike (1.2.3)
    i18n (0.6.11)
    inherited_resources (1.4.0)
      has_scope (~> 0.5.0)
      responders (~> 0.9)
    jaro_winkler (1.5.4)
    jbuilder (1.5.0)
      activesupport (>= 3.0.0)
      multi_json (>= 1.2.0)
    journey (1.0.4)
    json (1.8.6)
    jwt (2.2.1)
    kaminari (0.14.1)
      actionpack (>= 3.0.0)
      activesupport (>= 3.0.0)
    machinist (2.0)
    machinist-caching (0.0.1)
    mail (2.5.5)
      mime-types (~> 1.16)
      treetop (~> 1.4.8)
    mail_validator (0.2.0)
      activemodel (>= 3.0)
    mask_validator (0.2.1)
      activemodel (>= 3.0)
      activerecord (>= 3.0)
    material_icons (2.2.1)
      railties (>= 3.2)
    method_source (0.8.2)
    mime-types (1.25.1)
    minitest (5.14.1)
    minitest-reporters (1.4.2)
      ansi
      builder
      minitest (>= 5.0)
      ruby-progressbar
    multi_json (1.14.1)
    multipart-post (1.2.0)
    net-scp (1.2.1)
      net-ssh (>= 2.6.5)
    net-ssh (6.1.0)
    newrelic_rpm (3.18.0.329)
    nokogiri (1.5.10)
    orm_adapter (0.4.0)
    paper_trail (2.7.2)
      activerecord (~> 3.0)
      railties (~> 3.0)
    parallel (1.19.1)
    parser (2.7.1.3)
      ast (~> 2.4.0)
    pg (0.18.4)
    pg-hstore (1.2.0)
    polyamorous (0.6.3)
      activerecord (>= 3.0)
    polyglot (0.3.5)
    postgres-copy (0.5.5)
      activerecord
      activerecord (>= 3.0.0)
      pg
      rails
      rake
      responders
      rspec (~> 2.6)
      rspec-core (~> 2.6)
    power_assert (1.2.0)
    pry (0.9.12.2)
      coderay (~> 1.0.5)
      method_source (~> 0.8)
      slop (~> 3.4)
    pry-remote (0.1.7)
      pry (~> 0.9)
      slop (~> 3.0)
    public_suffix (4.0.3)
    quaestio (0.1.1)
      activesupport (~> 3.0)
      rake (~> 10.0)
    rack (1.4.7)
    rack-cache (1.11.0)
      rack (>= 0.4)
    rack-mini-profiler (0.9.3)
      rack (>= 1.1.3)
    rack-ssl (1.3.4)
      rack
    rack-test (0.6.3)
      rack (>= 1.0)
    rails (3.2.22.5)
      actionmailer (= 3.2.22.5)
      actionpack (= 3.2.22.5)
      activerecord (= 3.2.22.5)
      activeresource (= 3.2.22.5)
      activesupport (= 3.2.22.5)
      bundler (~> 1.0)
      railties (= 3.2.22.5)
    railties (3.2.22.5)
      actionpack (= 3.2.22.5)
      activesupport (= 3.2.22.5)
      rack-ssl (~> 1.3.2)
      rake (>= 0.8.7)
      rdoc (~> 3.4)
      thor (>= 0.14.6, < 2.0)
    rainbow (3.0.0)
    rake (10.5.0)
    rb-fsevent (0.10.4)
    rb-inotify (0.10.1)
      ffi (~> 1.0)
    rdoc (3.12.2)
      json (~> 1.4)
    redis (3.0.4)
    redis-namespace (1.3.0)
      redis (~> 3.0.0)
    responders (0.9.3)
      railties (~> 3.1)
    rexml (3.2.4)
    rmagick (2.13.4)
    rspec (2.14.1)
      rspec-core (~> 2.14.0)
      rspec-expectations (~> 2.14.0)
      rspec-mocks (~> 2.14.0)
    rspec-core (2.14.4)
    rspec-expectations (2.14.0)
      diff-lcs (>= 1.1.3, < 2.0)
    rspec-mocks (2.14.2)
    rspec-rails (2.14.2)
      actionpack (>= 3.0)
      activemodel (>= 3.0)
      activesupport (>= 3.0)
      railties (>= 3.0)
      rspec-core (~> 2.14.0)
      rspec-expectations (~> 2.14.0)
      rspec-mocks (~> 2.14.0)
    rubocop (0.81.0)
      jaro_winkler (~> 1.5.1)
      parallel (~> 1.10)
      parser (>= 2.7.0.1)
      rainbow (>= 2.2.2, < 4.0)
      rexml
      ruby-progressbar (~> 1.7)
      unicode-display_width (>= 1.4.0, < 2.0)
    ruby-hmac (0.4.0)
    ruby-progressbar (1.10.1)
    rubyzip (0.9.9)
    sass (3.7.4)
      sass-listen (~> 4.0.0)
    sass-listen (4.0.0)
      rb-fsevent (~> 0.9, >= 0.9.4)
      rb-inotify (~> 0.9, >= 0.9.7)
    sass-rails (3.2.6)
      railties (~> 3.2.0)
      sass (>= 3.1.10)
      tilt (~> 1.3)
    selenium-webdriver (2.33.0)
      childprocess (>= 0.2.5)
      multi_json (~> 1.0)
      rubyzip
      websocket (~> 1.0.4)
    sentry-raven (0.6.0)
      faraday (>= 0.7.6)
      hashie (>= 1.1.0)
      uuidtools
    shoulda-matchers (2.2.0)
      activesupport (>= 3.0.0)
    sidekiq (2.13.0)
      celluloid (>= 0.14.1)
      connection_pool (>= 1.0.0)
      json
      redis (>= 3.0)
      redis-namespace
    simple_form (2.1.0)
      actionpack (~> 3.0)
      activemodel (~> 3.0)
    simplecov (0.7.1)
      multi_json (~> 1.0)
      simplecov-html (~> 0.7.1)
    simplecov-html (0.7.1)
    slop (3.4.6)
    sprockets (2.2.3)
      hike (~> 1.2)
      multi_json (~> 1.0)
      rack (~> 1.0)
      tilt (~> 1.1, != 1.3.0)
    squeel (1.1.0)
      activerecord (>= 3.0)
      activesupport (>= 3.0)
      polyamorous (~> 0.6.0)
    strong_parameters (0.2.1)
      actionpack (~> 3.0)
      activemodel (~> 3.0)
      railties (~> 3.0)
    syntax (1.2.2)
    test-unit (3.3.6)
      power_assert
    thor (1.0.1)
    tilt (1.4.1)
    timecop (0.6.2.2)
    timeliness (0.3.7)
    timers (1.1.0)
    treetop (1.4.15)
      polyglot
      polyglot (>= 0.3.1)
    tzinfo (0.3.56)
    uglifier (2.1.2)
      execjs (>= 0.3.0)
      multi_json (~> 1.0, >= 1.0.2)
    unico (6.5.1)
      actionpack (~> 3.2.15)
      activerecord (~> 3.2.15)
      activerecord-postgres-hstore (~> 0.7.6)
      awesome_nested_set (~> 2.1.6)
      carrierwave (~> 0.9.0)
      cnpj_validator (~> 0.3.1)
      cpf_validator (~> 0.2.0)
      enumerate_it (~> 1.2.0)
      fog (~> 1.19.0)
      foreigner (~> 1.6.0)
      mask_validator (~> 0.2.0)
      paper_trail (~> 2.7.2)
      postgres-copy (= 0.5.5)
      railties (~> 3.2.15)
      rmagick (~> 2.13.2)
      validates_timeliness (~> 3.0.14)
    unico-api (1.6.0)
      activeresource (~> 3.2.13)
      activesupport (~> 3.2.13)
      enumerate_it (>= 1.0.3)
      i18n (~> 0.6.1)
      kaminari (~> 0.14.1)
      rails (~> 3.2.13)
    unico-assets (1.5.4)
      actionpack (~> 3.2.0)
      railties (~> 3.2.0)
    unicode-display_width (1.7.0)
    uuidtools (2.1.4)
    validates_timeliness (3.0.14)
      timeliness (~> 0.3.6)
    vcr (2.5.0)
    warden (1.2.7)
      rack (>= 1.0)
    websocket (1.0.7)
    wkhtmltopdf-binary (0.9.9.1)
    xpath (2.1.0)
      nokogiri (~> 1.3)

PLATFORMS
  ruby

DEPENDENCIES
  active_relatus (= 0.2.1)!
  activerecord-connections (= 0.0.3)
  activerecord-postgres-hstore (~> 0.7.6)
  awesome_nested_set (= 2.1.6)
  better_errors
  binding_of_caller
  cancan!
  capybara (= 2.6.2)
  capybara-webkit (~> 1.8.0)
  carrierwave (= 0.9.0)
  cnpj_validator (= 0.3.1)
  cpf_validator (= 0.2.0)
  dalli (= 2.6.4)
  decore!
  devise (= 2.2.4)
  enumerate_it (= 1.2.1)
  factory_girl-preload!
  factory_girl_rails (~> 4.2.1)
  fakeweb
  foreigner (= 1.6.1)
  has_scope (= 0.5.1)
  i18n_alchemy!
  inherited_resources (= 1.4.0)
  jbuilder
  jwt
  kaminari (= 0.14.1)
  machinist (= 2.0)
  machinist-caching (= 0.0.1)
  mail_validator (= 0.2.0)
  mask_validator (= 0.2.1)
  material_icons
  minitest
  minitest-reporters
  newrelic_rpm
  pg
  postgres-copy (= 0.5.5)
  pry
  pry-remote
  quaestio (= 0.1.1)!
  rack-mini-profiler (= 0.9.3)
  rails (= 3.2.22.5)
  responders (= 0.9.3)
  rspec-rails (= 2.14.2)
  rubocop
  rubyzip (= 0.9.9)
  sass-rails
  selenium-webdriver (~> 2.33.0)
  sentry-raven
  shoulda-matchers (= 2.2.0)
  sidekiq
  simple_form (= 2.1.0)
  simplecov
  squeel
  strong_parameters (= 0.2.1)
  syntax (~> 1.2)
  test-unit
  timecop
  typecaster (= 0.0.2)!
  uglifier
  unico (= 6.5.1)!
  unico-api (= 1.6.0)!
  unico-assets (= 1.5.4)!
  validates_timeliness (= 3.0.14)
  vcr (= 2.5.0)
  wkhtmltopdf-binary (= 0.9.9.1)

RUBY VERSION
   ruby 2.3.8p459

BUNDLED WITH
   1.17.3
