GIT
  remote: git://github.com/carlosantoniodasilva/i18n_alchemy.git
  revision: 259277ade608cda69abe1829218630dfe07f6a13
  specs:
    i18n_alchemy (0.0.1)
      activerecord (~> 3.0)
      activesupport (~> 3.0)
      i18n (~> 0.5)

GIT
  remote: git://github.com/coderanger/raven-ruby.git
  revision: 7f5f05bb1cc0b9314aa287c9c964dde100f25972
  specs:
    sentry-raven (0.2)
      faraday (~> 0.8.0.rc2)
      hashie
      uuidtools
      yajl-ruby

GIT
  remote: git://github.com/nohupbrasil/decore.git
  revision: a5bb876702ff010f5ade1edc9222540d4b9059bb
  specs:
    decore (0.1.0)
      activesupport (~> 3.2.0)

GIT
  remote: git://github.com/ryanb/cancan.git
  revision: ccd24ab30fdd0b48ac0ad71080445f5366788208
  branch: 2.0
  specs:
    cancan (2.0.0.alpha)

GIT
  remote: git@github.com:nohupbrasil/unico.git
  revision: 392a4655d7adc0e10a7902cdffa2d5ed13e49974
  specs:
    unico (0.0.1)
      actionpack (~> 3.2.0)
      activerecord (~> 3.2.0)
      awesome_nested_set (~> 2.1.3)
      carrierwave (~> 0.6.2)
      cnpj_validator (~> 0.3.1)
      cpf_validator (~> 0.2.0)
      enumerate_it (~> 0.7.14)
      foreigner (~> 1.1.1)
      mail_validator (~> 0.2.0)
      mask_validator (~> 0.2.0)
      railties (~> 3.2.0)
      validates_timeliness (~> 3.0.11)

GIT
  remote: https://github.com/sobrinho/poltergeist.git
  revision: e38cafdbd7543754cf084a8a981a2e3f03d4e36e
  specs:
    poltergeist (0.6.0)
      capybara (~> 1.1)
      childprocess (~> 0.3)
      faye-websocket (~> 0.4, >= 0.4.4)
      http_parser.rb (~> 0.5.3)
      multi_json (~> 1.0)

GEM
  remote: http://rubygems.org/
  specs:
    actionmailer (3.2.5)
      actionpack (= 3.2.5)
      mail (~> 2.4.4)
    actionpack (3.2.5)
      activemodel (= 3.2.5)
      activesupport (= 3.2.5)
      builder (~> 3.0.0)
      erubis (~> 2.7.0)
      journey (~> 1.0.1)
      rack (~> 1.4.0)
      rack-cache (~> 1.2)
      rack-test (~> 0.6.1)
      sprockets (~> 2.1.3)
    activemodel (3.2.5)
      activesupport (= 3.2.5)
      builder (~> 3.0.0)
    activerecord (3.2.5)
      activemodel (= 3.2.5)
      activesupport (= 3.2.5)
      arel (~> 3.0.2)
      tzinfo (~> 0.3.29)
    activerecord-connections (0.0.3)
      activerecord (>= 3.0)
      activesupport (>= 3.0)
    activeresource (3.2.5)
      activemodel (= 3.2.5)
      activesupport (= 3.2.5)
    activesupport (3.2.5)
      i18n (~> 0.6)
      multi_json (~> 1.0)
    addressable (2.2.8)
    arel (3.0.2)
    awesome_nested_set (2.1.3)
      activerecord (>= 3.0.0)
    bcrypt-ruby (3.0.1)
    blankslate (2.1.2.4)
    builder (3.0.0)
    capybara (1.1.2)
      mime-types (>= 1.16)
      nokogiri (>= 1.3.3)
      rack (>= 1.0.0)
      rack-test (>= 0.5.4)
      selenium-webdriver (~> 2.0)
      xpath (~> 0.1.4)
    carrierwave (0.6.2)
      activemodel (>= 3.2.0)
      activesupport (>= 3.2.0)
    childprocess (0.3.3)
      ffi (~> 1.0.6)
    cnpj_validator (0.3.1)
      activemodel (>= 3.0)
    cpf_validator (0.2.0)
      activemodel (>= 3.0)
    database_cleaner (0.8.0)
    devise (2.0.4)
      bcrypt-ruby (~> 3.0)
      orm_adapter (~> 0.0.3)
      railties (~> 3.1)
      warden (~> 1.1.1)
    diff-lcs (1.1.3)
    enumerate_it (0.7.14)
      activesupport (>= 2.3.2)
    erubis (2.7.0)
    eventmachine (0.12.10)
    execjs (1.3.2)
      multi_json (~> 1.0)
    faraday (0.8.1)
      multipart-post (~> 1.1)
    faye-websocket (0.4.5)
      eventmachine (>= 0.12.0)
    ffi (1.0.11)
    foreigner (1.1.4)
      activerecord (>= 3.0.0)
    has_scope (0.5.1)
    hashie (1.2.0)
    hike (1.2.1)
    http_parser.rb (0.5.3)
    i18n (0.6.0)
    inherited_resources (1.3.0)
      has_scope (~> 0.5.0)
      responders (~> 0.6.0)
    jbuilder (0.4.0)
      activesupport (>= 3.0.0)
      blankslate (>= 2.1.2.4)
    journey (1.0.3)
    json (1.7.3)
    kgio (2.7.4)
    libwebsocket (0.1.3)
      addressable
    machinist (2.0)
    machinist-caching (0.0.1)
    mail (2.4.4)
      i18n (>= 0.4.0)
      mime-types (~> 1.16)
      treetop (~> 1.4.8)
    mail_validator (0.2.0)
      activemodel (>= 3.0)
    mask_validator (0.2.1)
      activemodel (>= 3.0)
      activerecord (>= 3.0)
    mime-types (1.19)
    multi_json (1.3.6)
    multipart-post (1.1.5)
    nokogiri (1.5.5)
    orm_adapter (0.0.7)
    pg (0.12.2)
    polyamorous (0.5.0)
      activerecord (~> 3.0)
    polyglot (0.3.3)
    rack (1.4.1)
    rack-cache (1.2)
      rack (>= 0.4)
    rack-ssl (1.3.2)
      rack
    rack-test (0.6.1)
      rack (>= 1.0)
    rails (3.2.5)
      actionmailer (= 3.2.5)
      actionpack (= 3.2.5)
      activerecord (= 3.2.5)
      activeresource (= 3.2.5)
      activesupport (= 3.2.5)
      bundler (~> 1.0)
      railties (= 3.2.5)
    rails-footnotes (3.7.8)
      rails (>= 3.0.0)
    railties (3.2.5)
      actionpack (= 3.2.5)
      activesupport (= 3.2.5)
      rack-ssl (~> 1.3.2)
      rake (>= 0.8.7)
      rdoc (~> 3.4)
      thor (>= 0.14.6, < 2.0)
    raindrops (0.8.1)
    rake (0.9.2.2)
    rdoc (3.12)
      json (~> 1.4)
    responders (0.6.4)
    rspec (2.11.0)
      rspec-core (~> 2.11.0)
      rspec-expectations (~> 2.11.0)
      rspec-mocks (~> 2.11.0)
    rspec-core (2.11.0)
    rspec-expectations (2.11.1)
      diff-lcs (~> 1.1.3)
    rspec-mocks (2.11.0)
    rspec-rails (2.11.0)
      actionpack (>= 3.0)
      activesupport (>= 3.0)
      railties (>= 3.0)
      rspec (~> 2.11.0)
    rubyzip (0.9.9)
    selenium-webdriver (2.24.0)
      childprocess (>= 0.2.5)
      libwebsocket (~> 0.1.3)
      multi_json (~> 1.0)
      rubyzip
    shoulda-matchers (1.1.0)
      activesupport (>= 3.0.0)
    simple_form (2.0.1)
      actionpack (~> 3.0)
      activemodel (~> 3.0)
    sprockets (2.1.3)
      hike (~> 1.2)
      rack (~> 1.0)
      tilt (~> 1.1, != 1.3.0)
    squeel (1.0.0)
      activerecord (~> 3.0)
      activesupport (~> 3.0)
      polyamorous (~> 0.5.0)
    thor (0.15.2)
    tilt (1.3.3)
    timeliness (0.3.6)
    treetop (1.4.10)
      polyglot
      polyglot (>= 0.3.1)
    tzinfo (0.3.33)
    uglifier (1.2.1)
      execjs (>= 0.3.0)
      multi_json (>= 1.0.2)
    unicorn (4.1.1)
      kgio (~> 2.4)
      rack
      raindrops (~> 0.6)
    uuidtools (2.1.2)
    validates_timeliness (3.0.11)
      timeliness (~> 0.3.6)
    warden (1.1.1)
      rack (>= 1.0)
    will_paginate (3.0.3)
    xpath (0.1.4)
      nokogiri (~> 1.3)
    yajl-ruby (1.1.0)

PLATFORMS
  ruby

DEPENDENCIES
  activerecord-connections (= 0.0.3)
  activerecord-jdbcpostgresql-adapter (= 1.2.0)
  awesome_nested_set (= 2.1.3)
  cancan!
  capybara (= 1.1.2)
  carrierwave (= 0.6.2)
  cnpj_validator (= 0.3.1)
  cpf_validator (= 0.2.0)
  database_cleaner (= 0.8.0)
  decore!
  devise (= 2.0.4)
  enumerate_it (= 0.7.14)
  foreigner (= 1.1.4)
  has_scope (= 0.5.1)
  i18n_alchemy!
  inherited_resources (= 1.3.0)
  jbuilder (= 0.4.0)
  jruby-openssl (= 0.7.4)
  machinist (= 2.0)
  machinist-caching (= 0.0.1)
  mail_validator (= 0.2.0)
  mask_validator (= 0.2.1)
  pg (= 0.12.2)
  poltergeist!
  rails (= 3.2.5)
  rails-footnotes (>= 3.7.5.rc4)
  responders (= 0.6.4)
  rspec-rails (= 2.11.0)
  sentry-raven!
  shoulda-matchers (= 1.1.0)
  simple_form (= 2.0.1)
  squeel (= 1.0.0)
  uglifier (= 1.2.1)
  unico!
  unicorn (= 4.1.1)
  validates_timeliness (= 3.0.11)
  will_paginate (= 3.0.3)
