GIT
  remote: git://github.com/MarceloCajueiro/factory_girl-preload.git
  revision: d0aad287da0fd6c6a2a8a7a59d6aa159ebff7473
  specs:
    factory_girl-preload (2.0.2)
      factory_girl (>= 3.0)

GIT
  remote: git://github.com/carlosantoniodasilva/i18n_alchemy.git
  revision: d875ee507550b85819f7dd31af9dc3637401023b
  specs:
    i18n_alchemy (0.1.0)
      activesupport (~> 3.0)
      i18n (~> 0.5)

GIT
  remote: git://github.com/comogo/pdfkit.git
  revision: 46e50719947cb207996b6a2bc4ca77194a5d6c95
  specs:
    pdfkit (0.5.2)

GIT
  remote: git://github.com/ricardohsd/typecaster
  revision: 238e75df8b3fe2a61204d84a3518b598a0704db2
  specs:
    typecaster (0.0.2)

GIT
  remote: git://github.com/ryanb/cancan.git
  revision: ccd24ab30fdd0b48ac0ad71080445f5366788208
  branch: 2.0
  specs:
    cancan (2.0.0.alpha)

GIT
  remote: git://github.com/sobrinho/decore.git
  revision: a5bb876702ff010f5ade1edc9222540d4b9059bb
  specs:
    decore (0.1.0)
      activesupport (~> 3.2.0)

GEM
  remote: http://rubygems.org/
  remote: https://SEqawpNNEx65yrzYS9p8@gem.fury.io/me/
  specs:
    actionmailer (3.2.13)
      actionpack (= 3.2.13)
      mail (~> 2.5.3)
    actionpack (3.2.13)
      activemodel (= 3.2.13)
      activesupport (= 3.2.13)
      builder (~> 3.0.0)
      erubis (~> 2.7.0)
      journey (~> 1.0.4)
      rack (~> 1.4.5)
      rack-cache (~> 1.2)
      rack-test (~> 0.6.1)
      sprockets (~> 2.2.1)
    active_relatus (0.1.1)
      activemodel (>= 3.2.8)
      activesupport (>= 3.2.8)
      rake (~> 10.0)
    activemodel (3.2.13)
      activesupport (= 3.2.13)
      builder (~> 3.0.0)
    activerecord (3.2.13)
      activemodel (= 3.2.13)
      activesupport (= 3.2.13)
      arel (~> 3.0.2)
      tzinfo (~> 0.3.29)
    activerecord-connections (0.0.3)
      activerecord (>= 3.0)
      activesupport (>= 3.0)
    activerecord-postgres-hstore (0.6.0)
      rails
      rake
    activeresource (3.2.13)
      activemodel (= 3.2.13)
      activesupport (= 3.2.13)
    activesupport (3.2.13)
      i18n (= 0.6.1)
      multi_json (~> 1.0)
    arel (3.0.2)
    awesome_nested_set (2.1.3)
      activerecord (>= 3.0.0)
    bcrypt-ruby (3.0.1)
    builder (3.0.4)
    capybara (1.1.2)
      mime-types (>= 1.16)
      nokogiri (>= 1.3.3)
      rack (>= 1.0.0)
      rack-test (>= 0.5.4)
      selenium-webdriver (~> 2.0)
      xpath (~> 0.1.4)
    carrierwave (0.8.0)
      activemodel (>= 3.2.0)
      activesupport (>= 3.2.0)
    celluloid (0.14.1)
      timers (>= 1.0.0)
    childprocess (0.3.9)
      ffi (~> 1.0, >= 1.0.11)
    cnpj_validator (0.3.1)
      activemodel (>= 3.0)
    coderay (1.0.9)
    connection_pool (1.1.0)
    cpf_validator (0.2.0)
      activemodel (>= 3.0)
    dalli (2.6.4)
    devise (2.2.4)
      bcrypt-ruby (~> 3.0)
      orm_adapter (~> 0.1)
      railties (~> 3.1)
      warden (~> 1.2.1)
    diff-lcs (1.1.3)
    enumerate_it (1.0.3)
      activesupport (>= 3.0.0)
    erubis (2.7.0)
    eventmachine (0.12.10)
    excon (0.23.0)
    execjs (1.4.0)
      multi_json (~> 1.0)
    factory_girl (4.2.0)
      activesupport (>= 3.0.0)
    factory_girl_rails (4.2.1)
      factory_girl (~> 4.2.0)
      railties (>= 3.0.0)
    faraday (0.8.7)
      multipart-post (~> 1.1)
    faye-websocket (0.4.6)
      eventmachine (>= 0.12.0)
    ffi (1.9.0)
    fog (1.12.1)
      builder
      excon (~> 0.23.0)
      formatador (~> 0.2.0)
      mime-types
      multi_json (~> 1.0)
      net-scp (~> 1.1)
      net-ssh (>= 2.1.3)
      nokogiri (~> 1.5.0)
      ruby-hmac
    foreigner (1.4.1)
      activerecord (>= 3.0.0)
    formatador (0.2.4)
    has_scope (0.5.1)
    hashie (2.0.5)
    hike (1.2.3)
    http_parser.rb (0.5.3)
    i18n (0.6.1)
    inherited_resources (1.4.0)
      has_scope (~> 0.5.0)
      responders (~> 0.9)
    jbuilder (1.4.2)
      activesupport (>= 3.0.0)
      multi_json (>= 1.2.0)
    journey (1.0.4)
    json (1.8.0)
    kaminari (0.14.1)
      actionpack (>= 3.0.0)
      activesupport (>= 3.0.0)
    kgio (2.8.0)
    machinist (2.0)
    machinist-caching (0.0.1)
    mail (2.5.4)
      mime-types (~> 1.16)
      treetop (~> 1.4.8)
    mail_validator (0.2.0)
      activemodel (>= 3.0)
    mask_validator (0.2.1)
      activemodel (>= 3.0)
      activerecord (>= 3.0)
    method_source (0.8.1)
    mime-types (1.23)
    multi_json (1.7.7)
    multipart-post (1.2.0)
    net-scp (1.1.2)
      net-ssh (>= 2.6.5)
    net-ssh (2.6.8)
    nokogiri (1.5.10)
    orm_adapter (0.4.0)
    pg (0.15.1)
    poltergeist (0.7.0)
      capybara (~> 1.1)
      childprocess (~> 0.3)
      faye-websocket (~> 0.4, >= 0.4.4)
      http_parser.rb (~> 0.5.3)
      multi_json (~> 1.0)
    polyamorous (0.5.0)
      activerecord (~> 3.0)
    polyglot (0.3.3)
    postgres-copy (0.5.8)
      activerecord (>= 3.0.0)
      pg
      rails (>= 3.0.0)
      responders
    pry (0.9.12)
      coderay (~> 1.0.5)
      method_source (~> 0.8)
      slop (~> 3.4)
    quaestio (0.1.1)
      activesupport (~> 3.0)
      rake (~> 10.0)
    rack (1.4.5)
    rack-cache (1.2)
      rack (>= 0.4)
    rack-ssl (1.3.3)
      rack
    rack-test (0.6.2)
      rack (>= 1.0)
    rails (3.2.13)
      actionmailer (= 3.2.13)
      actionpack (= 3.2.13)
      activerecord (= 3.2.13)
      activeresource (= 3.2.13)
      activesupport (= 3.2.13)
      bundler (~> 1.0)
      railties (= 3.2.13)
    railties (3.2.13)
      actionpack (= 3.2.13)
      activesupport (= 3.2.13)
      rack-ssl (~> 1.3.2)
      rake (>= 0.8.7)
      rdoc (~> 3.4)
      thor (>= 0.14.6, < 2.0)
    raindrops (0.10.0)
    rake (10.0.4)
    rdoc (3.12.2)
      json (~> 1.4)
    redis (3.0.4)
    redis-namespace (1.3.0)
      redis (~> 3.0.0)
    responders (0.9.3)
      railties (~> 3.1)
    rmagick (2.13.2)
    rspec-core (2.12.2)
    rspec-expectations (2.12.1)
      diff-lcs (~> 1.1.3)
    rspec-mocks (2.12.2)
    rspec-rails (2.12.0)
      actionpack (>= 3.0)
      activesupport (>= 3.0)
      railties (>= 3.0)
      rspec-core (~> 2.12.0)
      rspec-expectations (~> 2.12.0)
      rspec-mocks (~> 2.12.0)
    ruby-hmac (0.4.0)
    rubyzip (0.9.9)
    selenium-webdriver (2.33.0)
      childprocess (>= 0.2.5)
      multi_json (~> 1.0)
      rubyzip
      websocket (~> 1.0.4)
    sentry-raven (0.4.8)
      faraday (>= 0.7.6)
      hashie (>= 1.1.0)
      multi_json (~> 1.0)
      uuidtools
    shoulda-matchers (2.2.0)
      activesupport (>= 3.0.0)
    sidekiq (2.12.4)
      celluloid (>= 0.14.1)
      connection_pool (>= 1.0.0)
      json
      redis (>= 3.0)
      redis-namespace
    simple_form (2.1.0)
      actionpack (~> 3.0)
      activemodel (~> 3.0)
    simplecov (0.7.1)
      multi_json (~> 1.0)
      simplecov-html (~> 0.7.1)
    simplecov-html (0.7.1)
    slop (3.4.3)
    sprockets (2.2.2)
      hike (~> 1.2)
      multi_json (~> 1.0)
      rack (~> 1.0)
      tilt (~> 1.1, != 1.3.0)
    squeel (1.0.18)
      activerecord (~> 3.0)
      activesupport (~> 3.0)
      polyamorous (~> 0.5.0)
    strong_parameters (0.2.1)
      actionpack (~> 3.0)
      activemodel (~> 3.0)
      railties (~> 3.0)
    thor (0.18.1)
    tilt (1.4.1)
    timeliness (0.3.7)
    timers (1.1.0)
    treetop (1.4.14)
      polyglot
      polyglot (>= 0.3.1)
    tzinfo (0.3.37)
    uglifier (2.1.1)
      execjs (>= 0.3.0)
      multi_json (~> 1.0, >= 1.0.2)
    unico (5.0.0)
      actionpack (~> 3.2.0)
      activerecord (~> 3.2.0)
      awesome_nested_set (~> 2.1.3)
      carrierwave (~> 0.8.0)
      cnpj_validator (~> 0.3.1)
      cpf_validator (~> 0.2.0)
      enumerate_it (~> 1.0.1)
      fog (~> 1.12.0)
      foreigner (~> 1.4.1)
      mail_validator (~> 0.2.0)
      mask_validator (~> 0.2.0)
      postgres-copy (~> 0.5.0)
      railties (~> 3.2.0)
      rmagick (= 2.13.2)
      validates_timeliness (~> 3.0.11)
    unico-api (0.0.10)
      activeresource (~> 3.2.13)
      activesupport (~> 3.2.13)
      enumerate_it (~> 1.0.3)
      i18n (~> 0.6.1)
      kaminari (~> 0.14.1)
      rails (~> 3.2.13)
    unico-assets (1.4.1)
      actionpack (~> 3.2.0)
      railties (~> 3.2.0)
    unicorn (4.6.2)
      kgio (~> 2.6)
      rack
      raindrops (~> 0.7)
    uuidtools (2.1.4)
    validates_timeliness (3.0.14)
      timeliness (~> 0.3.6)
    warden (1.2.1)
      rack (>= 1.0)
    websocket (1.0.7)
    wkhtmltopdf-binary (0.9.9.1)
    xpath (0.1.4)
      nokogiri (~> 1.3)

PLATFORMS
  ruby

DEPENDENCIES
  active_relatus (= 0.1.1)
  activerecord-connections (= 0.0.3)
  activerecord-postgres-hstore (= 0.6.0)
  awesome_nested_set (= 2.1.3)
  cancan!
  capybara (= 1.1.2)
  carrierwave (= 0.8.0)
  cnpj_validator (= 0.3.1)
  cpf_validator (= 0.2.0)
  dalli (= 2.6.4)
  decore!
  devise (= 2.2.4)
  enumerate_it (= 1.0.3)
  factory_girl-preload!
  factory_girl_rails (~> 4.2.1)
  foreigner (= 1.4.1)
  has_scope (= 0.5.1)
  i18n_alchemy!
  inherited_resources (= 1.4.0)
  jbuilder (= 1.4.2)
  kaminari (= 0.14.1)
  machinist (= 2.0)
  machinist-caching (= 0.0.1)
  mail_validator (= 0.2.0)
  mask_validator (= 0.2.1)
  pdfkit!
  pg (= 0.15.1)
  poltergeist (= 0.7.0)
  postgres-copy (~> 0.5.8)
  pry (= 0.9.12)
  quaestio (= 0.1.1)
  rails (= 3.2.13)
  responders (= 0.9.3)
  rspec-rails (= 2.12.0)
  rubyzip (= 0.9.9)
  selenium-webdriver (~> 2.33.0)
  sentry-raven (= 0.4.8)
  shoulda-matchers (= 2.2.0)
  sidekiq (= 2.12.4)
  simple_form (= 2.1.0)
  simplecov
  squeel (= 1.0.18)
  strong_parameters (= 0.2.1)
  typecaster (= 0.0.2)!
  uglifier (= 2.1.1)
  unico (= 5.0.0)
  unico-api (= 0.0.10)
  unico-assets (= 1.4.1)
  unicorn (= 4.6.2)
  validates_timeliness (= 3.0.14)
  wkhtmltopdf-binary (= 0.9.9.1)
